GIT
  remote: git://github.com/padrino/padrino-framework.git
  revision: b07bb4f888020476f40a7786e94600da8d412e72
  specs:
    padrino (0.9.27)
      padrino-admin (= 0.9.27)
      padrino-cache (= 0.9.27)
      padrino-core (= 0.9.27)
      padrino-gen (= 0.9.27)
      padrino-helpers (= 0.9.27)
      padrino-mailer (= 0.9.27)
    padrino-admin (0.9.27)
      padrino-core (= 0.9.27)
      padrino-helpers (= 0.9.27)
    padrino-cache (0.9.27)
      padrino-core (= 0.9.27)
    padrino-core (0.9.27)
      activesupport (>= 3.0.0)
      http_router (~> 0.7.5)
      sinatra (~> 1.2.6)
      thor (>= 0.14.3)
      tilt (~> 1.3.0)
      tzinfo
    padrino-gen (0.9.27)
      bundler (>= 1.0.2)
      grit
      padrino-core (= 0.9.27)
    padrino-helpers (0.9.27)
      i18n (>= 0.4.1)
      padrino-core (= 0.9.27)
    padrino-mailer (0.9.27)
      mail (>= 2.2.0)
      padrino-core (= 0.9.27)

GEM
  remote: http://rubygems.org/
  specs:
    SystemTimer (1.2.3)
    activemodel (3.0.7)
      activesupport (= 3.0.7)
      builder (~> 2.1.2)
      i18n (~> 0.5.0)
    activesupport (3.0.7)
    bson (1.3.0)
    bson_ext (1.3.0)
    builder (2.1.2)
    daemons (1.1.3)
    database_cleaner (0.6.7)
    diff-lcs (1.1.2)
    eventmachine (0.12.10)
    grit (2.4.1)
      diff-lcs (~> 1.1)
      mime-types (~> 1.15)
    haml (3.1.1)
    http_router (0.7.5)
      rack (>= 1.0.0)
      url_mount (~> 0.2.1)
    i18n (0.5.0)
    machinist (1.0.6)
    machinist_mongo (1.2.0)
      machinist (~> 1.0.6)
    mail (2.3.0)
      i18n (>= 0.4.0)
      mime-types (~> 1.16)
      treetop (~> 1.4.8)
    mime-types (1.16)
    mongo (1.3.0)
      bson (>= 1.3.0)
    mongoid (2.0.0)
      activemodel (~> 3.0)
      mongo (~> 1.2)
      tzinfo (~> 0.3.22)
      will_paginate (~> 3.0.pre)
    polyglot (0.3.1)
    rack (1.2.2)
    rack-flash (0.1.1)
      rack
    rack-test (0.6.0)
      rack (>= 1.0)
    rake (0.8.7)
    riot (0.12.3)
      rr
    riot-mongoid (2.0.0.beta.rc.7)
      mongoid (~> 2.0.0.beta.rc.7)
      riot (~> 0.12.3)
    rr (1.0.2)
    sass (3.1.1)
    sinatra (1.2.6)
      rack (~> 1.1)
      tilt (>= 1.2.2, < 2.0)
    thin (1.2.11)
      daemons (>= 1.0.9)
      eventmachine (>= 0.12.6)
      rack (>= 1.0.0)
    thor (0.14.6)
    tilt (1.3)
    treetop (1.4.9)
      polyglot (>= 0.3.1)
    tzinfo (0.3.27)
    url_mount (0.2.1)
      rack
    watchr (0.7)
    will_paginate (3.0.pre2)

PLATFORMS
  ruby

DEPENDENCIES
  SystemTimer
  bson_ext
  database_cleaner
  haml
  machinist
  machinist_mongo
  mongoid (= 2.0.0)
  padrino!
  rack-flash
  rack-test
  rake
  riot
  riot-mongoid (= 2.0.0.beta.rc.7)
  rr
  sass
  thin
  watchr
